GEM
  remote: https://rubygems.org/
  specs:
    byebug (11.1.3)
    nokogiri (1.13.1-x86_64-linux)
      racc (~> 1.4)
    racc (1.6.0)

PLATFORMS
  x86_64-linux

DEPENDENCIES
  byebug
  nokogiri

BUNDLED WITH
   2.2.32
